PATH
  remote: .
  specs:
    loggly_resque (0.1.0)
      logglier

GEM
  remote: https://rubygems.org/
  specs:
    diff-lcs (1.2.5)
    faker (1.6.6)
      i18n (~> 0.5)
    i18n (0.7.0)
    logglier (0.5.0)
      multi_json (~> 1)
    multi_json (1.12.1)
    rspec (3.5.0)
      rspec-core (~> 3.5.0)
      rspec-expectations (~> 3.5.0)
      rspec-mocks (~> 3.5.0)
    rspec-core (3.5.4)
      rspec-support (~> 3.5.0)
    rspec-expectations (3.5.0)
      diff-lcs (>= 1.2.0, < 2.0)
      rspec-support (~> 3.5.0)
    rspec-mocks (3.5.0)
      diff-lcs (>= 1.2.0, < 2.0)
      rspec-support (~> 3.5.0)
    rspec-support (3.5.0)

PLATFORMS
  ruby

DEPENDENCIES
  faker (~> 1.6)
  logglier
  loggly_resque!
  rspec (~> 3.4)

BUNDLED WITH
   1.13.7
